GIT
  remote: git://github.com/technicalpickles/jeweler.git
  revision: b996854
  specs:
    jeweler (1.4.0)
      bundler (>= 0.9.5)
      gemcutter (>= 0.1.0)
      git (>= 1.2.5)
      rake

GEM
  remote: https://rubygems.org/
  specs:
    addressable (2.1.2)
    gemcutter (0.6.1)
    git (1.2.5)
    pullr (0.1.3)
      addressable (>= 2.1.1)
    rake (0.8.7)
    rdiscount (1.6.5)
    rprogram (0.1.8)
    rspec (1.3.0)
    thor (0.14.0)
    yard (0.5.8)

PLATFORMS
  ruby

DEPENDENCIES
  jeweler (~> 1.4.0)!
  pullr (~> 0.1.1)
  rake (~> 0.8.7)
  rdiscount (~> 1.6.3)
  rprogram (~> 0.1.8)
  rspec (~> 1.3.0)
  thor (~> 0.14.0)
  yard (~> 0.5.3)
