PATH
  remote: .
  specs:
    deployml (0.2.0)
      pullr (~> 0.1.1)
      rprogram (~> 0.1.8)
      thor (~> 0.14.3)

GEM
  remote: https://rubygems.org/
  specs:
    addressable (2.1.2)
    diff-lcs (1.1.2)
    ore (0.1.4)
      thor (~> 0.14.3)
    ore-tasks (0.1.0)
    pullr (0.1.3)
      addressable (>= 2.1.1)
    rake (0.8.7)
    rprogram (0.1.8)
    rspec (2.0.1)
      rspec-core (~> 2.0.1)
      rspec-expectations (~> 2.0.1)
      rspec-mocks (~> 2.0.1)
    rspec-core (2.0.1)
    rspec-expectations (2.0.1)
      diff-lcs (>= 1.1.2)
    rspec-mocks (2.0.1)
      rspec-core (~> 2.0.1)
      rspec-expectations (~> 2.0.1)
    thor (0.14.3)
    yard (0.6.0)

PLATFORMS
  ruby

DEPENDENCIES
  bundler (~> 1.0.0)
  deployml!
  ore (~> 0.1.0)
  ore-tasks (~> 0.1.0)
  pullr (~> 0.1.1)
  rake (~> 0.8.7)
  rprogram (~> 0.1.8)
  rspec (~> 2.0.0)
  thor (~> 0.14.3)
  yard (~> 0.6.0)
