GEM
  remote: https://rubygems.org/
  specs:
    addressable (2.1.2)
    diff-lcs (1.1.2)
    git (1.2.5)
    jeweler (1.5.0.pre2)
      bundler (>= 1.0.0.rc.5)
      git (>= 1.2.5)
      rake
    pullr (0.1.3)
      addressable (>= 2.1.1)
    rake (0.8.7)
    rdiscount (1.6.5)
    rprogram (0.1.8)
    rspec (2.0.0)
      rspec-core (= 2.0.0)
      rspec-expectations (= 2.0.0)
      rspec-mocks (= 2.0.0)
    rspec-core (2.0.0)
    rspec-expectations (2.0.0)
      diff-lcs (>= 1.1.2)
    rspec-mocks (2.0.0)
      rspec-core (= 2.0.0)
      rspec-expectations (= 2.0.0)
    thor (0.14.0)
    yard (0.6.0)

PLATFORMS
  ruby

DEPENDENCIES
  jeweler (~> 1.5.0.pre)
  pullr (~> 0.1.1)
  rake (~> 0.8.7)
  rdiscount (~> 1.6.3)
  rprogram (~> 0.1.8)
  rspec (~> 2.0.0)
  thor (~> 0.14.0)
  yard (~> 0.6.0)
